GEM
  remote: https://rubygems.org/
  specs:
    power_assert (2.0.0)
    test-unit (3.4.4)
      power_assert

PLATFORMS
  x86_64-linux

DEPENDENCIES
  test-unit (~> 3.1, >= 3.1.8)

BUNDLED WITH
   2.2.21
