GEM
  remote: https://rubygems.org/
  specs:
    prettier (1.6.0)

PLATFORMS
  x86_64-linux

DEPENDENCIES
  prettier

BUNDLED WITH
   2.2.21
